GEM
  remote: https://rubygems.org/
  specs:
    gosu (1.4.1)

PLATFORMS
  x64-mingw32

DEPENDENCIES
  gosu

BUNDLED WITH
   2.2.29
